GEM
  remote: https://rubygems.org/
  specs:
    httparty (0.21.0)
      mini_mime (>= 1.0.0)
      multi_xml (>= 0.5.2)
    json (2.6.3)
    mini_mime (1.1.2)
    multi_xml (0.6.0)
    mustermann (3.0.0)
      ruby2_keywords (~> 0.0.1)
    rack (2.2.6.3)
    rack-protection (3.0.5)
      rack
    ruby2_keywords (0.0.5)
    sinatra (3.0.5)
      mustermann (~> 3.0)
      rack (~> 2.2, >= 2.2.4)
      rack-protection (= 3.0.5)
      tilt (~> 2.0)
    tilt (2.1.0)

PLATFORMS
  x86_64-linux

DEPENDENCIES
  httparty
  json
  sinatra

BUNDLED WITH
   2.4.7
